GEM
  remote: https://rubygems.org/
  specs:
    rake (12.3.1)
    ruby_motion_query (1.7.0)

PLATFORMS
  ruby

DEPENDENCIES
  rake
  ruby_motion_query

BUNDLED WITH
   1.14.6
